GEM
  remote: https://rubygems.org/
  specs:
    ast (2.4.0)
    backport (1.0.0)
    chronic (0.10.2)
    coderay (1.1.2)
    deprecated (3.0.1)
    dimensions (1.3.0)
    doing (0.2.5)
      chronic (~> 0.10, >= 0.10.2)
      gli (= 2.9.0)
      haml (= 4.0.3)
    escape (0.0.4)
    escape_utils (1.1.0)
    exifr (1.2.6)
    faraday (0.9.1)
      multipart-post (>= 1.2, < 3)
    ffi (1.10.0)
    gem-man (0.3.0)
    geocoder (1.2.14)
    gli (2.9.0)
    haml (4.0.3)
      tilt
    hcl (0.4.17)
      chronic (= 0.10.2)
      escape_utils (= 1.1.0)
      faraday (= 0.9.1)
      gem-man (= 0.3.0)
      highline (= 1.7.2)
      pry (= 0.10.1)
      trollop (= 2.1.2)
      yajl-ruby (= 1.3.0)
    highline (1.7.2)
    htmlentities (4.3.4)
    jaro_winkler (1.5.2)
    kramdown (1.17.0)
    listen (3.0.8)
      rb-fsevent (~> 0.9, >= 0.9.4)
      rb-inotify (~> 0.9, >= 0.9.7)
    maid (0.8.0.alpha.4)
      deprecated (~> 3.0.0)
      dimensions (>= 1.0.0, < 2.0)
      escape (>= 0.0.1, < 0.1.0)
      exifr (~> 1.2.0)
      geocoder (~> 1.2.0)
      listen (>= 2.8.0, < 3.1.0)
      mime-types (~> 2.0)
      rubyzip (~> 1.1.0)
      rufus-scheduler (>= 3.0.6, < 3.2.0)
      thor (>= 0.14.0, < 1.0.0)
      xdg (~> 2.2.3)
    method_source (0.8.2)
    mime-types (2.99.3)
    mini_portile2 (2.4.0)
    multipart-post (2.0.0)
    nokogiri (1.10.2)
      mini_portile2 (~> 2.4.0)
    parallel (1.17.0)
    parser (2.6.2.0)
      ast (~> 2.4.0)
    pry (0.10.1)
      coderay (~> 1.1.0)
      method_source (~> 0.8.1)
      slop (~> 3.4)
    psych (3.1.0)
    rainbow (3.0.0)
    rake (12.3.2)
    rb-fsevent (0.10.3)
    rb-inotify (0.10.0)
      ffi (~> 1.0)
    reverse_markdown (1.1.0)
      nokogiri
    rubocop (0.66.0)
      jaro_winkler (~> 1.5.1)
      parallel (~> 1.10)
      parser (>= 2.5, != 2.5.1.1)
      psych (>= 3.1.0)
      rainbow (>= 2.2.2, < 4.0)
      ruby-progressbar (~> 1.7)
      unicode-display_width (>= 1.4.0, < 1.6)
    ruby-progressbar (1.10.0)
    rubyzip (1.1.7)
    rufus-scheduler (3.1.10)
    sequel (4.43.0)
    slop (3.6.0)
    solargraph (0.32.0)
      backport (~> 1.0)
      bundler (>= 1.17.2)
      htmlentities (~> 4.3, >= 4.3.4)
      jaro_winkler (~> 1.5)
      kramdown (~> 1.16)
      parser (~> 2.3)
      reverse_markdown (~> 1.0, >= 1.0.5)
      rubocop (~> 0.52)
      thor (~> 0.19, >= 0.19.4)
      tilt (~> 2.0)
      yard (~> 0.9)
    sqlite3 (1.3.13)
    thor (0.20.3)
    tilt (2.0.9)
    timetrap (1.15.1)
      chronic (~> 0.10.2)
      sequel (~> 4.43.0)
      sqlite3 (~> 1.3.3)
    trollop (2.1.2)
    unicode-display_width (1.5.0)
    xdg (2.2.3)
    yajl-ruby (1.3.0)
    yard (0.9.19)

PLATFORMS
  ruby

DEPENDENCIES
  doing
  hcl
  maid (~> 0.8.0.alpha.4)
  rake
  rubocop
  solargraph
  timetrap

BUNDLED WITH
   1.17.2
