GEM
  remote: https://rubygems.org/
  specs:
    ast (2.4.0)
    backport (1.1.2)
    chronic (0.10.2)
    coderay (1.1.2)
    deprecated (3.0.1)
    dimensions (1.3.0)
    doing (0.2.4)
      chronic (~> 0.10, >= 0.10.2)
      gli (= 2.9.0)
    escape (0.0.4)
    escape_utils (1.2.1)
    exifr (1.2.6)
    faraday (0.17.1)
      multipart-post (>= 1.2, < 3)
    ffi (1.11.3)
    gem-man (0.3.0)
    geocoder (1.2.14)
    gli (2.9.0)
    haml (5.1.2)
      temple (>= 0.8.0)
      tilt
    hcl (0.4.20)
      chronic (~> 0.10.2)
      escape_utils (~> 1.2.1)
      faraday (~> 0.17.0)
      gem-man (~> 0.3.0)
      highline (~> 2.0.3)
      pry (~> 0.12.2)
      trollop (~> 2.1.2)
      yajl-ruby (~> 1.4.1)
    highline (2.0.3)
    jaro_winkler (1.5.4)
    listen (3.0.8)
      rb-fsevent (~> 0.9, >= 0.9.4)
      rb-inotify (~> 0.9, >= 0.9.7)
    maid (0.8.0.alpha.4)
      deprecated (~> 3.0.0)
      dimensions (>= 1.0.0, < 2.0)
      escape (>= 0.0.1, < 0.1.0)
      exifr (~> 1.2.0)
      geocoder (~> 1.2.0)
      listen (>= 2.8.0, < 3.1.0)
      mime-types (~> 2.0)
      rubyzip (~> 1.1.0)
      rufus-scheduler (>= 3.0.6, < 3.2.0)
      thor (>= 0.14.0, < 1.0.0)
      xdg (~> 2.2.3)
    maruku (0.7.3)
    mdless (1.0.9)
    method_source (0.9.2)
    mime-types (2.99.3)
    mini_portile2 (2.4.0)
    multipart-post (2.1.1)
    nokogiri (1.10.8)
      mini_portile2 (~> 2.4.0)
    parallel (1.19.1)
    parser (2.6.5.0)
      ast (~> 2.4.0)
    pry (0.12.2)
      coderay (~> 1.1.0)
      method_source (~> 0.9.0)
    rainbow (3.0.0)
    rake (13.0.1)
    rb-fsevent (0.10.3)
    rb-inotify (0.10.0)
      ffi (~> 1.0)
    reverse_markdown (1.3.0)
      nokogiri
    rubocop (0.78.0)
      jaro_winkler (~> 1.5.1)
      parallel (~> 1.10)
      parser (>= 2.6)
      rainbow (>= 2.2.2, < 4.0)
      ruby-progressbar (~> 1.7)
      unicode-display_width (>= 1.4.0, < 1.7)
    ruby-progressbar (1.10.1)
    rubyzip (1.1.7)
    rufus-scheduler (3.1.10)
    sequel (4.43.0)
    solargraph (0.38.0)
      backport (~> 1.1)
      bundler (>= 1.17.2)
      jaro_winkler (~> 1.5)
      maruku (~> 0.7, >= 0.7.3)
      nokogiri (~> 1.9, >= 1.9.1)
      parser (~> 2.3)
      reverse_markdown (~> 1.0, >= 1.0.5)
      rubocop (~> 0.52)
      thor (~> 0.19, >= 0.19.4)
      tilt (~> 2.0)
      yard (~> 0.9)
    sqlite3 (1.3.13)
    temple (0.8.2)
    thor (0.20.3)
    tilt (2.0.10)
    timetrap (1.15.1)
      chronic (~> 0.10.2)
      sequel (~> 4.43.0)
      sqlite3 (~> 1.3.3)
    trollop (2.1.3)
    unicode-display_width (1.6.0)
    xdg (2.2.5)
    yajl-ruby (1.4.1)
    yard (0.9.20)

PLATFORMS
  ruby

DEPENDENCIES
  doing
  haml (>= 5.0.0)
  hcl
  maid (~> 0.8.0.alpha.4)
  mdless (~> 1.0)
  rake
  rubocop
  rubyzip (~> 1.1.0)
  solargraph
  timetrap
  yajl-ruby (>= 1.3.1)

BUNDLED WITH
   2.1.4
