GEM
  remote: https://rubygems.org/
  specs:
    ast (2.3.0)
    chronic (0.10.2)
    deprecated (3.0.1)
    dimensions (1.3.0)
    escape (0.0.4)
    exifr (1.2.6)
    ffi (1.9.18)
    geocoder (1.2.14)
    listen (3.0.8)
      rb-fsevent (~> 0.9, >= 0.9.4)
      rb-inotify (~> 0.9, >= 0.9.7)
    maid (0.8.0.alpha.4)
      deprecated (~> 3.0.0)
      dimensions (>= 1.0.0, < 2.0)
      escape (>= 0.0.1, < 0.1.0)
      exifr (~> 1.2.0)
      geocoder (~> 1.2.0)
      listen (>= 2.8.0, < 3.1.0)
      mime-types (~> 2.0)
      rubyzip (~> 1.1.0)
      rufus-scheduler (>= 3.0.6, < 3.2.0)
      thor (>= 0.14.0, < 1.0.0)
      xdg (~> 2.2.3)
    mime-types (2.99.3)
    parallel (1.12.0)
    parser (2.4.0.0)
      ast (~> 2.2)
    powerpack (0.1.1)
    rainbow (2.2.2)
      rake
    rake (12.2.1)
    rb-fsevent (0.10.2)
    rb-inotify (0.9.10)
      ffi (>= 0.5.0, < 2)
    rubocop (0.51.0)
      parallel (~> 1.10)
      parser (>= 2.3.3.1, < 3.0)
      powerpack (~> 0.1)
      rainbow (>= 2.2.2, < 3.0)
      ruby-progressbar (~> 1.7)
      unicode-display_width (~> 1.0, >= 1.0.1)
    ruby-progressbar (1.9.0)
    rubyzip (1.1.7)
    rufus-scheduler (3.1.10)
    sequel (4.43.0)
    sqlite3 (1.3.13)
    thor (0.20.0)
    timetrap (1.15.1)
      chronic (~> 0.10.2)
      sequel (~> 4.43.0)
      sqlite3 (~> 1.3.3)
    unicode-display_width (1.3.0)
    xdg (2.2.3)

PLATFORMS
  ruby

DEPENDENCIES
  maid (~> 0.8.0.alpha.4)
  rake
  rubocop
  timetrap

BUNDLED WITH
   1.16.0
